PATH
  remote: .
  specs:
    ada_numbers (0.1.0)

GEM
  remote: https://rubygems.org/
  specs:
    minitest (5.18.0)
    rake (12.3.3)

PLATFORMS
  ruby

DEPENDENCIES
  ada_numbers!
  minitest (~> 5.0)
  rake (~> 12.0)

BUNDLED WITH
   2.1.4
